GEM
  remote: https://rubygems.org/
  specs:
    asciidoctor (1.5.5)
    asciidoctor-diagram (1.5.3)
      asciidoctor (~> 1.5.0)
    asciidoctor-epub3 (1.5.0.alpha.6)
      asciidoctor (~> 1.5.0)
      gepub (~> 0.6.9.2)
      thread_safe (~> 0.3.5)
    coderay (1.1.1)
    em-websocket (0.5.1)
      eventmachine (>= 0.12.9)
      http_parser.rb (~> 0.6.0)
    eventmachine (1.2.1)
    ffi (1.9.14)
    formatador (0.2.5)
    gepub (0.6.9.2)
      nokogiri (~> 1.6.1)
      rubyzip (>= 1.1.1)
    guard (2.14.0)
      formatador (>= 0.2.4)
      listen (>= 2.7, < 4.0)
      lumberjack (~> 1.0)
      nenv (~> 0.1)
      notiffany (~> 0.0)
      pry (>= 0.9.12)
      shellany (~> 0.0)
      thor (>= 0.18.1)
    guard-compat (1.2.1)
    guard-livereload (2.5.2)
      em-websocket (~> 0.5)
      guard (~> 2.8)
      guard-compat (~> 1.0)
      multi_json (~> 1.8)
    guard-shell (0.7.1)
      guard (>= 2.0.0)
      guard-compat (~> 1.0)
    http_parser.rb (0.6.0)
    listen (3.1.5)
      rb-fsevent (~> 0.9, >= 0.9.4)
      rb-inotify (~> 0.9, >= 0.9.7)
      ruby_dep (~> 1.2)
    lumberjack (1.0.11)
    method_source (0.8.2)
    mini_portile2 (2.1.0)
    multi_json (1.12.1)
    nenv (0.3.0)
    nokogiri (1.6.8.1)
      mini_portile2 (~> 2.1.0)
    notiffany (0.1.1)
      nenv (~> 0.1)
      shellany (~> 0.0)
    pry (0.10.4)
      coderay (~> 1.1.0)
      method_source (~> 0.8.1)
      slop (~> 3.4)
    rb-fsevent (0.9.8)
    rb-inotify (0.9.7)
      ffi (>= 0.5.0)
    ruby_dep (1.5.0)
    rubyzip (1.2.0)
    shellany (0.0.1)
    slop (3.6.0)
    thor (0.19.4)
    thread_safe (0.3.5)

PLATFORMS
  ruby

DEPENDENCIES
  asciidoctor
  asciidoctor-diagram
  asciidoctor-epub3
  guard-livereload
  guard-shell

BUNDLED WITH
   1.13.6
